PATH
  remote: .
  specs:
    reviewbear (0.1.0)
      fuzzy_match
      octokit
      thor

GEM
  remote: https://rubygems.org/
  specs:
    addressable (2.7.0)
      public_suffix (>= 2.0.2, < 5.0)
    coderay (1.1.2)
    faraday (0.17.0)
      multipart-post (>= 1.2, < 3)
    fuzzy_match (2.1.0)
    method_source (0.9.2)
    multipart-post (2.1.1)
    octokit (4.14.0)
      sawyer (~> 0.8.0, >= 0.5.3)
    pry (0.12.2)
      coderay (~> 1.1.0)
      method_source (~> 0.9.0)
    public_suffix (4.0.1)
    rake (13.0.1)
    sawyer (0.8.2)
      addressable (>= 2.3.5)
      faraday (> 0.8, < 2.0)
    thor (0.20.3)

PLATFORMS
  ruby

DEPENDENCIES
  bundler
  pry
  rake
  reviewbear!

BUNDLED WITH
   2.0.2
