PATH
  remote: .
  specs:
    reviewbear (0.1.0)
      jira-ruby
      octokit
      rumale
      settingslogic
      thor

GEM
  remote: https://rubygems.org/
  specs:
    activesupport (7.0.4.1)
      concurrent-ruby (~> 1.0, >= 1.0.2)
      i18n (>= 1.6, < 2)
      minitest (>= 5.1)
      tzinfo (~> 2.0)
    addressable (2.7.0)
      public_suffix (>= 2.0.2, < 5.0)
    atlassian-jwt (0.2.0)
      jwt (~> 2.1.0)
    coderay (1.1.2)
    concurrent-ruby (1.1.10)
    faraday (0.17.1)
      multipart-post (>= 1.2, < 3)
    i18n (1.12.0)
      concurrent-ruby (~> 1.0)
    jira-ruby (1.7.1)
      activesupport
      atlassian-jwt
      multipart-post
      oauth (~> 0.5, >= 0.5.0)
    jwt (2.1.0)
    method_source (0.9.2)
    minitest (5.17.0)
    multipart-post (2.1.1)
    numo-narray (0.9.1.5)
    oauth (0.5.4)
    octokit (4.14.0)
      sawyer (~> 0.8.0, >= 0.5.3)
    pry (0.12.2)
      coderay (~> 1.1.0)
      method_source (~> 0.9.0)
    public_suffix (4.0.1)
    rake (13.0.1)
    rumale (0.14.2)
      numo-narray (>= 0.9.1)
    sawyer (0.8.2)
      addressable (>= 2.3.5)
      faraday (> 0.8, < 2.0)
    settingslogic (2.0.9)
    thor (0.20.3)
    tzinfo (2.0.5)
      concurrent-ruby (~> 1.0)

PLATFORMS
  ruby

DEPENDENCIES
  bundler
  pry
  rake
  reviewbear!

BUNDLED WITH
   2.0.2
